PATH
  remote: .
  specs:
    mmp (0.0.1)

GEM
  remote: http://rubygems.org/
  specs:
    coderay (1.0.9)
    fakefs (0.4.2)
    metaclass (0.0.1)
    method_source (0.8.1)
    mocha (0.14.0)
      metaclass (~> 0.0.1)
    multi_json (1.7.4)
    pry (0.9.12.1)
      coderay (~> 1.0.5)
      method_source (~> 0.8)
      slop (~> 3.4)
    simplecov (0.7.1)
      multi_json (~> 1.0)
      simplecov-html (~> 0.7.1)
    simplecov-html (0.7.1)
    slop (3.4.4)

PLATFORMS
  ruby

DEPENDENCIES
  fakefs
  mmp!
  mocha
  pry
  simplecov
